GEM
  remote: https://rubygems.org/
  specs:
    debugger-ruby_core_source (1.2.3)
    diff-lcs (1.1.3)
    file_utils (1.0.6)
    gemcutter (0.7.1)
    gemspec_deps_gen (1.0.5)
      file_utils
    json_pure (1.6.5)
    rake (10.1.0)
    rspec (2.8.0)
      rspec-core (~> 2.8.0)
      rspec-expectations (~> 2.8.0)
      rspec-mocks (~> 2.8.0)
    rspec-core (2.8.0)
    rspec-expectations (2.8.0)
      diff-lcs (~> 1.1.2)
    rspec-mocks (2.8.0)
    ruby-debug-base19x (0.11.30.pre12)
      debugger-ruby_core_source (>= 1.1.4)
      rake (>= 0.8.1)
    ruby-debug-ide (0.4.17)
      rake (>= 0.8.1)

PLATFORMS
  ruby

DEPENDENCIES
  gemcutter
  gemspec_deps_gen
  json_pure
  rspec
  ruby-debug-base19x (= 0.11.30.pre12)
  ruby-debug-ide (= 0.4.17)
